PATH
  remote: .
  specs:
    pakspy (0.1.0)

GEM
  remote: https://rubygems.org/
  specs:
    minitest (5.11.3)
    rake (12.3.3)

PLATFORMS
  ruby

DEPENDENCIES
  minitest
  pakspy!
  rake

BUNDLED WITH
   2.0.1
